REDIRECTS: ON
STRATEGY: MIN
RESTRICTION: >= net45
NUGET
  remote: https://api.nuget.org/v3/index.json
    IdentityModel (2.6)
      Newtonsoft.Json (>= 9.0.1)
      System.Net.Http (>= 4.3.1)
    Microsoft.NETCore.Platforms (1.1) - restriction: && (>= net45) (< net452)
    NETStandard.Library (1.6.1) - restriction: && (>= net45) (< net452)
      Microsoft.NETCore.Platforms (>= 1.1)
      System.Collections (>= 4.3)
      System.Collections.Concurrent (>= 4.3)
      System.Diagnostics.Debug (>= 4.3)
      System.Diagnostics.Tools (>= 4.3)
      System.Diagnostics.Tracing (>= 4.3)
      System.Globalization (>= 4.3)
      System.IO (>= 4.3)
      System.IO.Compression (>= 4.3)
      System.Linq (>= 4.3)
      System.Linq.Expressions (>= 4.3)
      System.Net.Http (>= 4.3)
      System.Net.Primitives (>= 4.3)
      System.ObjectModel (>= 4.3)
      System.Reflection (>= 4.3)
      System.Reflection.Extensions (>= 4.3)
      System.Reflection.Primitives (>= 4.3)
      System.Resources.ResourceManager (>= 4.3)
      System.Runtime (>= 4.3)
      System.Runtime.Extensions (>= 4.3)
      System.Runtime.InteropServices (>= 4.3)
      System.Runtime.InteropServices.RuntimeInformation (>= 4.3)
      System.Runtime.Numerics (>= 4.3)
      System.Text.Encoding (>= 4.3)
      System.Text.Encoding.Extensions (>= 4.3)
      System.Text.RegularExpressions (>= 4.3)
      System.Threading (>= 4.3)
      System.Threading.Tasks (>= 4.3)
      System.Threading.Timer (>= 4.3) - restriction: && (>= net45) (>= netstandard1.2)
      System.Xml.ReaderWriter (>= 4.3)
      System.Xml.XDocument (>= 4.3)
    Newtonsoft.Json (9.0.1)
    System.Collections (4.3) - restriction: && (>= net45) (< net452)
    System.Collections.Concurrent (4.3) - restriction: && (>= net45) (< net452)
    System.Diagnostics.Debug (4.3) - restriction: && (>= net45) (< net452)
    System.Diagnostics.Tools (4.3) - restriction: && (>= net45) (< net452)
    System.Diagnostics.Tracing (4.3) - restriction: && (>= net45) (< net452)
    System.Globalization (4.3) - restriction: && (>= net45) (< net452)
    System.IdentityModel.Tokens.Jwt (4.0.4.403061554)
    System.IO (4.3) - restriction: || (&& (>= dnxcore50) (>= net45)) (&& (>= dnxcore50) (>= net46)) (&& (>= dnxcore50) (>= net461)) (&& (>= net45) (< net452)) (&& (< net46) (>= net461) (< netstandard1.4)) (&& (< net46) (>= net461) (>= netstandard1.6)) (&& (< net46) (>= net461) (< netstandard1.6)) (>= net463)
    System.IO.Compression (4.3) - restriction: && (>= net45) (< net452)
    System.Linq (4.3) - restriction: && (>= net45) (< net452)
    System.Linq.Expressions (4.3) - restriction: && (>= net45) (< net452)
    System.Net.Http (4.3.1)
      System.Security.Cryptography.X509Certificates (>= 4.3) - restriction: || (&& (>= dnxcore50) (>= net45)) (>= net46)
    System.Net.Primitives (4.3) - restriction: && (>= net45) (< net452)
    System.ObjectModel (4.3) - restriction: && (>= net45) (< net452)
    System.Reflection (4.3) - restriction: && (>= net45) (< net452)
    System.Reflection.Extensions (4.3) - restriction: && (>= net45) (< net452)
    System.Reflection.Primitives (4.3) - restriction: && (>= net45) (< net452)
    System.Resources.ResourceManager (4.3) - restriction: && (>= net45) (< net452)
    System.Runtime (4.3) - restriction: || (&& (>= dnxcore50) (>= net45)) (&& (>= dnxcore50) (>= net46)) (&& (>= dnxcore50) (>= net461)) (&& (>= net45) (< net452)) (&& (< net46) (>= net461) (< netstandard1.4)) (&& (< net46) (>= net461) (>= netstandard1.6)) (&& (< net46) (>= net461) (< netstandard1.6)) (>= net463)
    System.Runtime.Extensions (4.3) - restriction: && (>= net45) (< net452)
    System.Runtime.InteropServices (4.3) - restriction: && (>= net45) (< net452)
    System.Runtime.InteropServices.RuntimeInformation (4.3) - restriction: && (>= net45) (< net452)
    System.Runtime.Numerics (4.3) - restriction: && (>= net45) (< net452)
    System.Security.Cryptography.Algorithms (4.3) - restriction: || (&& (>= dnxcore50) (>= net45)) (&& (>= dnxcore50) (>= net46)) (&& (>= net46) (< netstandard1.4)) (>= net461)
      System.IO (>= 4.3) - restriction: || (&& (>= dnxcore50) (>= net45)) (&& (>= net45) (< net46) (>= netstandard1.3) (< netstandard1.4)) (&& (>= net45) (< net46) (>= netstandard1.4) (< netstandard1.6)) (&& (>= net45) (< net46) (>= netstandard1.6)) (>= net463)
      System.Runtime (>= 4.3) - restriction: || (&& (>= dnxcore50) (>= net45)) (&& (>= net45) (< net46) (>= netstandard1.3) (< netstandard1.4)) (&& (>= net45) (< net46) (>= netstandard1.4) (< netstandard1.6)) (&& (>= net45) (< net46) (>= netstandard1.6)) (>= net463)
      System.Security.Cryptography.Encoding (>= 4.3) - restriction: || (&& (>= dnxcore50) (>= net45)) (&& (>= net45) (< net46) (>= netstandard1.6)) (>= net463)
      System.Security.Cryptography.Primitives (>= 4.3) - restriction: || (&& (>= dnxcore50) (>= net45)) (&& (>= net45) (< net46) (>= netstandard1.3) (< netstandard1.4)) (&& (>= net45) (< net46) (>= netstandard1.4) (< netstandard1.6)) (&& (>= net45) (< net46) (>= netstandard1.6)) (&& (>= net46) (< netstandard1.4)) (&& (>= net461) (< netstandard1.6)) (>= net463)
    System.Security.Cryptography.Encoding (4.3) - restriction: || (&& (>= dnxcore50) (>= net45)) (&& (>= dnxcore50) (>= net46)) (&& (>= net46) (< netstandard1.4)) (>= net461)
    System.Security.Cryptography.Primitives (4.3) - restriction: || (&& (>= dnxcore50) (>= net45)) (&& (>= dnxcore50) (>= net46)) (&& (>= dnxcore50) (>= net461)) (&& (>= net46) (< netstandard1.4)) (&& (< net46) (>= net461) (>= netstandard1.6)) (&& (>= net461) (< netstandard1.4)) (&& (>= net461) (< netstandard1.6)) (>= net463)
    System.Security.Cryptography.X509Certificates (4.3) - restriction: || (&& (>= dnxcore50) (>= net45)) (>= net46)
      System.Security.Cryptography.Algorithms (>= 4.3) - restriction: || (&& (>= dnxcore50) (>= net45)) (&& (>= net45) (< net46) (>= netstandard1.3) (< netstandard1.4)) (&& (>= net45) (< net46) (>= netstandard1.4) (< netstandard1.6)) (&& (>= net45) (< net46) (>= netstandard1.6)) (&& (>= net46) (< netstandard1.4)) (>= net461)
      System.Security.Cryptography.Encoding (>= 4.3) - restriction: || (&& (>= dnxcore50) (>= net45)) (&& (>= net45) (< net46) (>= netstandard1.3) (< netstandard1.4)) (&& (>= net45) (< net46) (>= netstandard1.4) (< netstandard1.6)) (&& (>= net45) (< net46) (>= netstandard1.6)) (&& (>= net46) (< netstandard1.4)) (>= net461)
    System.Text.Encoding (4.3) - restriction: && (>= net45) (< net452)
    System.Text.Encoding.Extensions (4.3) - restriction: && (>= net45) (< net452)
    System.Text.RegularExpressions (4.3) - restriction: && (>= net45) (< net452)
    System.Threading (4.3) - restriction: && (>= net45) (< net452)
    System.Threading.Tasks (4.3) - restriction: && (>= net45) (< net452)
    System.Threading.Timer (4.3) - restriction: && (>= net45) (< net452) (>= netstandard1.2)
    System.Xml.ReaderWriter (4.3) - restriction: && (>= net45) (< net452)
    System.Xml.XDocument (4.3) - restriction: && (>= net45) (< net452)
    xunit (2.3.1)
      xunit.analyzers (>= 0.7)
      xunit.assert (2.3.1)
      xunit.core (2.3.1)
    xunit.abstractions (2.0.1)
    xunit.analyzers (0.7)
    xunit.assert (2.3.1)
      NETStandard.Library (>= 1.6.1) - restriction: && (>= net45) (< net452)
    xunit.core (2.3.1)
      xunit.extensibility.core (2.3.1)
      xunit.extensibility.execution (2.3.1)
    xunit.extensibility.core (2.3.1)
      NETStandard.Library (>= 1.6.1) - restriction: && (>= net45) (< net452)
      xunit.abstractions (>= 2.0.1)
    xunit.extensibility.execution (2.3.1)
      NETStandard.Library (>= 1.6.1) - restriction: && (>= net45) (< net452)
      xunit.extensibility.core (2.3.1)
